PATH
  remote: .
  specs:
    ipgeobase (0.1.0)

GEM
  remote: https://rubygems.org/
  specs:
    addressable (2.8.0)
      public_suffix (>= 2.0.2, < 5.0)
    crack (0.4.5)
      rexml
    hashdiff (1.0.1)
    minitest (5.15.0)
    nokogiri (1.13.3-arm64-darwin)
      racc (~> 1.4)
    nokogiri-happymapper (0.9.0)
      nokogiri (~> 1.5)
    public_suffix (4.0.6)
    racc (1.6.0)
    rake (13.0.6)
    rexml (3.2.5)
    webmock (3.14.0)
      addressable (>= 2.8.0)
      crack (>= 0.3.2)
      hashdiff (>= 0.4.0, < 2.0.0)

PLATFORMS
  arm64-darwin-21

DEPENDENCIES
  addressable
  ipgeobase!
  minitest (~> 5.0)
  nokogiri-happymapper
  rake (~> 13.0)
  webmock

BUNDLED WITH
   2.3.10
